GEM
  remote: https://rubygems.org/
  specs:
    mustermann (1.1.1)
      ruby2_keywords (~> 0.0.1)
    power_assert (2.0.1)
    rack (2.2.3)
    rack-protection (2.2.0)
      rack
    ruby2_keywords (0.0.5)
    sinatra (2.2.0)
      mustermann (~> 1.0)
      rack (~> 2.2)
      rack-protection (= 2.2.0)
      tilt (~> 2.0)
    test-unit (3.5.3)
      power_assert
    tilt (2.0.10)

PLATFORMS
  x86_64-darwin-21

DEPENDENCIES
  sinatra (>= 2.2.0)
  test-unit

RUBY VERSION
   ruby 3.1.2p20

BUNDLED WITH
   2.3.11
